GEM
  remote: https://rubygems.org/
  specs:
    bullet_log_parser (1.1.0)

PLATFORMS
  x86_64-darwin-19

DEPENDENCIES
  bullet_log_parser (~> 1.1)

BUNDLED WITH
   2.2.14
